ObjectType = Image
NDims = 2
BinaryData = True
BinaryDataByteOrderMSB = False
CompressedData = False
TransformMatrix = 1 0 0 1
Offset = 0 0
CenterOfRotation = 0 0
ElementSpacing = 0.030300000000000001 0.030300000000000001
DimSize = 4608 5670
AnatomicalOrientation = ??
ElementType = MET_FLOAT
ElementDataFile = HR_image.raw
